GIT
  remote: https://github.com/blolol/cinch
  revision: 7d8d4855b6249a7af9f1c3ed64a05f4533adb887
  tag: v2.3.5
  specs:
    cinch (2.3.5)

GEM
  remote: https://rubygems.org/
  specs:
    activemodel (7.1.3.2)
      activesupport (= 7.1.3.2)
    activesupport (7.1.3.2)
      base64
      bigdecimal
      concurrent-ruby (~> 1.0, >= 1.0.2)
      connection_pool (>= 2.2.5)
      drb
      i18n (>= 1.6, < 2)
      minitest (>= 5.1)
      mutex_m
      tzinfo (~> 2.0)
    addressable (2.8.6)
      public_suffix (>= 2.0.2, < 6.0)
    aws-eventstream (1.3.1)
    aws-partitions (1.1054.0)
    aws-sdk-core (3.219.0)
      aws-eventstream (~> 1, >= 1.3.0)
      aws-partitions (~> 1, >= 1.992.0)
      aws-sigv4 (~> 1.9)
      base64
      jmespath (~> 1, >= 1.6.1)
    aws-sdk-kms (1.99.0)
      aws-sdk-core (~> 3, >= 3.216.0)
      aws-sigv4 (~> 1.5)
    aws-sdk-s3 (1.182.0)
      aws-sdk-core (~> 3, >= 3.216.0)
      aws-sdk-kms (~> 1)
      aws-sigv4 (~> 1.5)
    aws-sdk-sqs (1.93.0)
      aws-sdk-core (~> 3, >= 3.216.0)
      aws-sigv4 (~> 1.5)
    aws-sigv4 (1.11.0)
      aws-eventstream (~> 1, >= 1.0.2)
    base64 (0.2.0)
    bigdecimal (3.1.7)
    bson (5.0.0)
    bugsnag (6.26.4)
      concurrent-ruby (~> 1.0)
    chronic_duration (0.10.6)
      numerizer (~> 0.1.1)
    climate_control (1.2.0)
    coderay (1.1.3)
    concurrent-ruby (1.2.3)
    connection_pool (2.4.1)
    diff-lcs (1.5.1)
    domain_name (0.6.20240107)
    dotenv (3.1.0)
    drb (2.2.1)
    e2mmap (0.1.0)
    engtagger (0.4.0)
      lru_redux
    ffi (1.16.3)
    ffi-compiler (1.3.2)
      ffi (>= 1.15.5)
      rake
    harby (1.2.0)
      treetop (~> 1.6, >= 1.6.3)
    http (5.2.0)
      addressable (~> 2.8)
      base64 (~> 0.1)
      http-cookie (~> 1.0)
      http-form_data (~> 2.2)
      llhttp-ffi (~> 0.5.0)
    http-accept (1.7.0)
    http-cookie (1.0.5)
      domain_name (~> 0.5)
    http-form_data (2.3.0)
    httparty (0.21.0)
      mini_mime (>= 1.0.0)
      multi_xml (>= 0.5.2)
    i18n (1.14.4)
      concurrent-ruby (~> 1.0)
    jmespath (1.6.2)
    llhttp-ffi (0.5.0)
      ffi-compiler (~> 1.0)
      rake (~> 13.0)
    logger (1.6.6)
    lru_redux (1.1.0)
    method_source (1.1.0)
    mime-types (3.6.0)
      logger
      mime-types-data (~> 3.2015)
    mime-types-data (3.2025.0204)
    mini_mime (1.1.5)
    minitest (5.22.3)
    mongo (2.20.0)
      bson (>= 4.14.1, < 6.0.0)
    mongoid (8.1.5)
      activemodel (>= 5.1, < 7.2, != 7.0.0)
      concurrent-ruby (>= 1.0.5, < 2.0)
      mongo (>= 2.18.0, < 3.0.0)
      ruby2_keywords (~> 0.0.5)
    multi_json (1.15.0)
    multi_xml (0.6.0)
    mutex_m (0.2.0)
    netrc (0.11.0)
    nokogiri (1.16.5-aarch64-linux)
      racc (~> 1.4)
    nokogiri (1.16.5-arm-linux)
      racc (~> 1.4)
    nokogiri (1.16.5-arm64-darwin)
      racc (~> 1.4)
    nokogiri (1.16.5-x86-linux)
      racc (~> 1.4)
    nokogiri (1.16.5-x86_64-darwin)
      racc (~> 1.4)
    nokogiri (1.16.5-x86_64-linux)
      racc (~> 1.4)
    numerizer (0.1.1)
    polyglot (0.3.5)
    pry (0.14.2)
      coderay (~> 1.1)
      method_source (~> 1.0)
    public_suffix (5.0.5)
    racc (1.7.3)
    rake (13.2.1)
    redis (5.2.0)
      redis-client (>= 0.22.0)
    redis-client (0.22.1)
      connection_pool
    rest-client (2.1.0)
      http-accept (>= 1.7.0, < 2.0)
      http-cookie (>= 1.0.2, < 2.0)
      mime-types (>= 1.16, < 4.0)
      netrc (~> 0.8)
    rspec (3.7.0)
      rspec-core (~> 3.7.0)
      rspec-expectations (~> 3.7.0)
      rspec-mocks (~> 3.7.0)
    rspec-core (3.7.1)
      rspec-support (~> 3.7.0)
    rspec-expectations (3.7.0)
      diff-lcs (>= 1.2.0, < 2.0)
      rspec-support (~> 3.7.0)
    rspec-mocks (3.7.0)
      diff-lcs (>= 1.2.0, < 2.0)
      rspec-support (~> 3.7.0)
    rspec-support (3.7.1)
    ruby2_keywords (0.0.5)
    terrapin (1.0.1)
      climate_control
    thwait (0.2.0)
      e2mmap
    transloadit (3.1.0)
      mime-types
      multi_json
      rest-client
    treetop (1.6.12)
      polyglot (~> 0.3)
    tzinfo (2.0.6)
      concurrent-ruby (~> 1.0)

PLATFORMS
  aarch64-linux
  arm-linux
  arm64-darwin
  x86-linux
  x86_64-darwin
  x86_64-linux

DEPENDENCIES
  activesupport (~> 7.1, >= 7.1.3.2)
  aws-sdk-s3 (~> 1.182)
  aws-sdk-sqs (~> 1.93)
  bugsnag (~> 6.26, >= 6.26.4)
  chronic_duration (~> 0.10.6)
  cinch!
  connection_pool (~> 2.4, >= 2.4.1)
  dotenv
  e2mmap
  engtagger (~> 0.4.0)
  harby (~> 1.2.0)
  http (~> 5.2)
  httparty (~> 0.21.0)
  mime-types
  mongoid (~> 8.1, >= 8.1.5)
  nokogiri (~> 1.16)
  pry
  rake
  redis (~> 5.2)
  rspec (~> 3.7.0)
  terrapin (~> 1.0.1)
  thwait
  transloadit (~> 3.1.0)

RUBY VERSION
   ruby 3.3.1p55

BUNDLED WITH
   2.5.9
