PATH
  remote: .
  specs:
    wheaties-grunt (1.1.0)
      mongo_mapper (~> 0.12.0)
      treetop (~> 1.4.10)
      wheaties (>= 1.0.0)

GEM
  remote: https://rubygems.org/
  specs:
    activemodel (3.2.17)
      activesupport (= 3.2.17)
      builder (~> 3.0.0)
    activesupport (3.2.17)
      i18n (~> 0.6, >= 0.6.4)
      multi_json (~> 1.0)
    bson (1.10.0)
    builder (3.0.4)
    eventmachine (1.0.3)
    i18n (0.6.9)
    mongo (1.10.0)
      bson (~> 1.10.0)
    mongo_mapper (0.12.0)
      activemodel (~> 3.0)
      activesupport (~> 3.0)
      plucky (~> 0.5.2)
    multi_json (1.9.2)
    plucky (0.5.2)
      mongo (~> 1.5)
    polyglot (0.3.4)
    treetop (1.4.15)
      polyglot
      polyglot (>= 0.3.1)
    wheaties (1.0.0)
      eventmachine (~> 1.0, >= 1.0.3)

PLATFORMS
  ruby

DEPENDENCIES
  wheaties-grunt!
